GIT
  remote: git://github.com/makevoid/bitstamp.git
  revision: cc2eb076dc499b181de4685eef8bdc08cd357b2a
  specs:
    bitstamp (0.4.0)
      activemodel (>= 3.1)
      activesupport (>= 3.1)
      rest_client (>= 1.7.3)
      ruby-hmac (= 0.4.0)

GEM
  remote: https://rubygems.org/
  specs:
    activemodel (3.2.22.1)
      activesupport (= 3.2.22.1)
      builder (~> 3.0.0)
    activesupport (3.2.22.1)
      i18n (~> 0.6, >= 0.6.4)
      multi_json (~> 1.0)
    builder (3.0.4)
    domain_name (0.5.20160128)
      unf (>= 0.0.5, < 1.0.0)
    http-cookie (1.0.2)
      domain_name (~> 0.5)
    i18n (0.7.0)
    mime-types (2.99)
    multi_json (1.11.2)
    netrc (0.7.9)
    rest-client (1.8.0)
      http-cookie (>= 1.0.2, < 2.0)
      mime-types (>= 1.16, < 3.0)
      netrc (~> 0.7)
    rest_client (1.8.3)
      netrc (~> 0.7.7)
    ruby-hmac (0.4.0)
    unf (0.1.4)
      unf_ext
    unf_ext (0.0.7.2)

PLATFORMS
  ruby

DEPENDENCIES
  activemodel (= 3.2.22.1)
  activesupport (= 3.2.22.1)
  bitstamp!
  rest-client

BUNDLED WITH
   1.11.2
